GEM
  remote: http://rubygems.org/
  specs:
    hike (1.2.3)
    multi_json (1.10.1)
    rack (1.5.2)
    sass (3.3.7)
    sprockets (2.12.1)
      hike (~> 1.2)
      multi_json (~> 1.0)
      rack (~> 1.0)
      tilt (~> 1.1, != 1.3.0)
    tilt (1.4.1)

PLATFORMS
  ruby

DEPENDENCIES
  sass
  sprockets
